NUGET
  remote: https://www.nuget.org/api/v2
  specs:
    EasyHttp (1.6.80)
      JsonFx (>= 2.0.1209.2802)
    FAKE (4.21.4)
    FSharp.Core (4.0.0.1) - redirects: force
    FSharp.Data (2.2.5)
      Zlib.Portable (>= 1.10.0) - framework: portable-net40+sl50+wp80+win80
    FsUnit (2.1.0)
      FSharp.Core (>= 3.1.2.5)
      NUnit (3.2.0)
    JsonFx (2.0.1209.2802)
    NUnit (3.2.0)
    NUnit.ConsoleRunner (3.2.0)
    NUnit.Extension.NUnitProjectLoader (3.2.0)
    NUnit.Extension.NUnitV2Driver (3.2.0)
    NUnit.Extension.NUnitV2ResultWriter (3.2.0)
    NUnit.Extension.VSProjectLoader (3.2.0)
    NUnit.Runners (3.2.0)
      NUnit.ConsoleRunner (3.2.0)
      NUnit.Extension.NUnitProjectLoader (3.2.0)
      NUnit.Extension.NUnitV2Driver (3.2.0)
      NUnit.Extension.NUnitV2ResultWriter (3.2.0)
      NUnit.Extension.VSProjectLoader (3.2.0)
    Suave (1.1.1)
      FSharp.Core (>= 3.1.2.5)
    Unquote (3.1.1)
    Zlib.Portable (1.11.0)
  remote: lib
  specs:
    YouTrackSharp (2.0.31-RS1)
      EasyHttp (>= 1.6.29.0)
