NUGET
  remote: https://www.nuget.org/api/v2
  specs:
    EasyHttp (1.6.80)
      JsonFx (>= 2.0.1209.2802)
    FSharp.Core (4.0.0.1)
    FSharp.Data (2.2.5)
      Zlib.Portable (>= 1.10.0)
    FsUnit (2.1.0)
      FSharp.Core (>= 3.1.2.5)
      NUnit (3.2.0)
    JsonFx (2.0.1209.2802)
    NUnit (3.2.0)
    Unquote (3.1.1)
    YouTrackSharp (2.0.30)
      EasyHttp (>= 1.6.29.0)
    Zlib.Portable (1.11.0)
