NUGET
  remote: https://www.nuget.org/api/v2
  specs:
    FSharp.Core (4.0.0.1)
    FsUnit (2.1.0)
      FSharp.Core (>= 3.1.2.5)
      NUnit (3.2.0)
    NUnit (3.2.0)
    Unquote (3.1.1)
